PATH
  remote: .
  specs:
    count_von_count (0.0.1)
      code_metrics
      thor

GEM
  remote: https://rubygems.org/
  specs:
    code_metrics (0.1.3)
    thor (0.19.1)

PLATFORMS
  ruby

DEPENDENCIES
  count_von_count!
